GEM
  remote: https://rubygems.org/
  specs:
    addressable (2.5.2)
      public_suffix (>= 2.0.2, < 4.0)
    autoforme (1.7.0)
      enum_csv
      forme (>= 1.6.0)
      rack
      sequel (>= 3.0.0)
    capybara (2.15.4)
      addressable
      mini_mime (>= 0.1.3)
      nokogiri (>= 1.3.3)
      rack (>= 1.0.0)
      rack-test (>= 0.5.4)
      xpath (~> 2.0)
    coderay (1.1.2)
    enum_csv (1.1.0)
    erubi (1.7.0)
    forme (1.6.0)
    method_source (0.9.0)
    mini_mime (1.0.0)
    mini_portile2 (2.3.0)
    minitest (5.10.3)
    minitest-hooks (1.4.2)
    nokogiri (1.8.1)
      mini_portile2 (~> 2.3.0)
    pg (0.21.0)
    pry (0.11.2)
      coderay (~> 1.1.0)
      method_source (~> 0.9.0)
    public_suffix (3.0.1)
    rack (2.0.3)
    rack-test (0.7.0)
      rack (>= 1.0, < 3)
    rack-unreloader (1.6.0)
    rack_csrf (2.6.0)
      rack (>= 1.1.0)
    roda (3.1.0)
      rack
    sequel (5.2.0)
    sequel_pg (1.8.0)
      pg (>= 0.18.0)
      sequel (>= 4.34.0)
    tilt (2.0.8)
    will_paginate (3.1.6)
    xpath (2.1.0)
      nokogiri (~> 1.3)

PLATFORMS
  ruby

DEPENDENCIES
  autoforme
  capybara
  erubi
  forme
  minitest (>= 5.7.0)
  minitest-hooks (>= 1.1.0)
  pry
  rack-unreloader
  rack_csrf
  roda (>= 3)
  sequel (>= 5)
  sequel_pg
  tilt (>= 2)
  will_paginate

BUNDLED WITH
   1.16.0.pre.2
