GEM
  remote: https://rubygems.org/
  specs:
    addressable (2.7.0)
      public_suffix (>= 2.0.2, < 5.0)
    autoforme (1.9.1)
      enum_csv
      forme (>= 1.6.0)
      rack
      sequel (>= 3.0.0)
    capybara (3.29.0)
      addressable
      mini_mime (>= 0.1.3)
      nokogiri (~> 1.8)
      rack (>= 1.6.0)
      rack-test (>= 0.6.3)
      regexp_parser (~> 1.5)
      xpath (~> 3.2)
    coderay (1.1.2)
    connection_pool (2.2.2)
    content_disposition (1.0.0)
    down (5.0.0)
      addressable (~> 2.5)
    enum_csv (1.1.0)
    erubi (1.9.0)
    forme (1.10.0)
    method_source (0.9.2)
    mini_mime (1.0.2)
    mini_portile2 (2.4.0)
    minitest (5.13.0)
    minitest-hooks (1.5.0)
      minitest (> 5.3)
    nokogiri (1.10.5)
      mini_portile2 (~> 2.4.0)
    pg (1.1.4)
    pry (0.12.2)
      coderay (~> 1.1.0)
      method_source (~> 0.9.0)
    public_suffix (4.0.1)
    rack (2.0.7)
    rack-protection (2.0.7)
      rack
    rack-test (1.1.0)
      rack (>= 1.0, < 3)
    rack-unreloader (1.7.0)
    rack_csrf (2.6.0)
      rack (>= 1.1.0)
    redis (4.1.3)
    regexp_parser (1.6.0)
    roda (3.25.0)
      rack
    sequel (5.26.0)
    sequel_pg (1.12.2)
      pg (>= 0.18.0)
      sequel (>= 4.38.0)
    shrine (3.0.1)
      content_disposition (~> 1.0)
      down (~> 5.0)
    sidekiq (5.2.7)
      connection_pool (~> 2.2, >= 2.2.2)
      rack (>= 1.5.0)
      rack-protection (>= 1.5.0)
      redis (>= 3.3.5, < 5)
    tilt (2.0.10)
    will_paginate (3.1.6)
    xpath (3.2.0)
      nokogiri (~> 1.8)

PLATFORMS
  ruby

DEPENDENCIES
  autoforme
  capybara
  erubi
  forme
  minitest (>= 5.7.0)
  minitest-hooks (>= 1.1.0)
  pry
  rack-unreloader
  rack_csrf
  roda
  sequel
  sequel_pg
  shrine
  sidekiq
  tilt (>= 2)
  will_paginate

BUNDLED WITH
   2.0.1
